GEM
  remote: https://rubygems.org/
  specs:
    activerecord (2.3.8)
      activesupport (= 2.3.8)
    activesupport (2.3.8)
    concurrent-ruby (1.0.2)
    domain_name (0.5.20161129)
      unf (>= 0.0.5, < 1.0.0)
    hirb (0.7.3)
    htmlentities (4.3.4)
    http-cookie (1.0.3)
      domain_name (~> 0.5)
    i18n (0.7.0)
    mechanize (2.7.4)
      domain_name (~> 0.5, >= 0.5.1)
      http-cookie (~> 1.0)
      mime-types (>= 1.17.2, < 3)
      net-http-digest_auth (~> 1.1, >= 1.1.1)
      net-http-persistent (~> 2.5, >= 2.5.2)
      nokogiri (~> 1.6)
      ntlm-http (~> 0.1, >= 0.1.1)
      webrobots (>= 0.0.9, < 0.2)
    mime-types (1.25.1)
    mini_portile2 (2.1.0)
    minitest (5.9.1)
    mysql (2.9.1)
    net-http-digest_auth (1.4)
    net-http-persistent (2.9.4)
    nokogiri (1.6.8)
      mini_portile2 (~> 2.1.0)
      pkg-config (~> 1.1.7)
    ntlm-http (0.1.1)
    parallel (1.11.1)
    pkg-config (1.1.7)
    ruby-progressbar (1.8.1)
    thread_safe (0.3.5)
    tzinfo (1.2.2)
      thread_safe (~> 0.1)
    unf (0.1.4)
      unf_ext
    unf_ext (0.0.7.2)
    webrobots (0.1.2)

PLATFORMS
  ruby

DEPENDENCIES
  activerecord (= 2.3.8)
  activesupport (= 2.3.8)
  concurrent-ruby (= 1.0.2)
  domain_name (= 0.5.20161129)
  hirb (= 0.7.3)
  htmlentities (= 4.3.4)
  http-cookie (= 1.0.3)
  i18n (= 0.7.0)
  mechanize (= 2.7.4)
  mime-types (= 1.25.1)
  mini_portile2 (= 2.1.0)
  minitest (= 5.9.1)
  mysql (= 2.9.1)
  net-http-digest_auth (= 1.4)
  net-http-persistent (= 2.9.4)
  nokogiri (= 1.6.8)
  ntlm-http (= 0.1.1)
  parallel (= 1.11.1)
  pkg-config (= 1.1.7)
  ruby-progressbar (= 1.8.1)
  thread_safe (= 0.3.5)
  tzinfo (= 1.2.2)
  unf (= 0.1.4)
  unf_ext (= 0.0.7.2)
  webrobots (= 0.1.2)

BUNDLED WITH
   1.14.6
